PATH
  remote: .
  specs:
    slippery (0.2.0)
      asset_packer (~> 0.1.0)
      concord (~> 0.1.4)
      hexp (~> 0.3.3)
      kramdown (~> 1.1)
      listen (~> 2.7)
      rake (~> 10.1)

GEM
  remote: https://rubygems.org/
  specs:
    abstract_type (0.0.7)
    adamantium (0.2.0)
      ice_nine (~> 0.11.0)
      memoizable (~> 0.4.0)
    anima (0.2.0)
      abstract_type (~> 0.0.7)
      adamantium (~> 0.1)
      equalizer (~> 0.0.8)
    asset_packer (0.1.0)
      hexp (~> 0.3.3)
      mime-types (~> 2.2)
    ast (1.1.0)
    celluloid (0.15.2)
      timers (~> 1.1.0)
    celluloid-io (0.15.0)
      celluloid (>= 0.15.0)
      nio4r (>= 0.5.0)
    concord (0.1.4)
      adamantium (~> 0.1)
      equalizer (~> 0.0.7)
    diff-lcs (1.2.5)
    equalizer (0.0.9)
    ffi (1.9.3)
    hexp (0.3.3)
      equalizer (~> 0.0)
      ice_nine (~> 0.9)
      nokogiri (~> 1.6)
      sass (~> 3.2.19)
    ice_nine (0.11.0)
    inflecto (0.0.2)
    kramdown (1.3.3)
    listen (2.7.1)
      celluloid (>= 0.15.2)
      celluloid-io (>= 0.15.0)
      rb-fsevent (>= 0.9.3)
      rb-inotify (>= 0.9)
    memoizable (0.4.2)
      thread_safe (~> 0.3, >= 0.3.1)
    mime-types (2.2)
    mini_portile (0.5.3)
    morpher (0.2.2)
      abstract_type (~> 0.0.7)
      adamantium (~> 0.2.0)
      anima (~> 0.2.0)
      ast (~> 1.1.0)
      concord (~> 0.1.4)
      equalizer (~> 0.0.9)
      ice_nine (~> 0.11.0)
      procto (~> 0.0.2)
    mutant (0.5.10)
      abstract_type (~> 0.0.7)
      adamantium (~> 0.2.0)
      anima (~> 0.2.0)
      concord (~> 0.1.4)
      diff-lcs (~> 1.2)
      equalizer (~> 0.0.9)
      ice_nine (~> 0.11.0)
      inflecto (~> 0.0.2)
      memoizable (~> 0.4.2)
      morpher (~> 0.2.1)
      parser (~> 2.1)
      procto (~> 0.0.2)
      unparser (~> 0.1.10)
    mutant-rspec (0.5.3)
      mutant (~> 0.5.3)
      rspec-core (>= 2.14.1, <= 3.0.0.beta2)
    nio4r (1.0.0)
    nokogiri (1.6.1)
      mini_portile (~> 0.5.0)
    parser (2.1.8)
      ast (~> 1.1)
      slop (~> 3.4, >= 3.4.5)
    procto (0.0.2)
    rake (10.3.1)
    rb-fsevent (0.9.4)
    rb-inotify (0.9.3)
      ffi (>= 0.5.0)
    rspec (2.14.1)
      rspec-core (~> 2.14.0)
      rspec-expectations (~> 2.14.0)
      rspec-mocks (~> 2.14.0)
    rspec-core (2.14.8)
    rspec-expectations (2.14.5)
      diff-lcs (>= 1.1.3, < 2.0)
    rspec-mocks (2.14.6)
    sass (3.2.19)
    slop (3.5.0)
    thread_safe (0.3.3)
    timers (1.1.0)
    unparser (0.1.12)
      abstract_type (~> 0.0.7)
      adamantium (~> 0.2.0)
      concord (~> 0.1.4)
      equalizer (~> 0.0.9)
      parser (~> 2.1)
      procto (~> 0.0.2)

PLATFORMS
  ruby

DEPENDENCIES
  mutant-rspec (~> 0.5.3)
  rspec (~> 2.14)
  slippery!
